GEM
  remote: https://ruby.taobao.org/
  specs:
    eventmachine (1.0.9.1)
    webrick (1.3.1)

PLATFORMS
  ruby
  x64-mingw32

DEPENDENCIES
  eventmachine
  webrick

BUNDLED WITH
   1.11.2
