GEM
  remote: https://ruby.taobao.org/
  specs:
    ip (0.3.1)
    network_interface (0.0.1)
    packetfu (1.1.11)
      network_interface (~> 0.0)
      pcaprub (~> 0.12)
    pcaprub (0.12.1)
    webrick (1.3.1)

PLATFORMS
  ruby
  x64-mingw32

DEPENDENCIES
  ip (~> 0.3.1)
  packetfu (~> 1.1, >= 1.1.11)
  pcaprub (~> 0.12.1)
  webrick (~> 1.3, >= 1.3.1)

BUNDLED WITH
   1.11.2
